GEM
  remote: https://rubygems.org/
  specs:
    plist (3.4.0)
    rubyzip (0.9.9)

PLATFORMS
  ruby

DEPENDENCIES
  plist (~> 3.4)
  rubyzip (~> 0.9)
