GEM
  remote: https://rubygems.org/
  specs:
    plist (3.1.0)
    rubyzip (1.2.1)

PLATFORMS
  ruby

DEPENDENCIES
  plist (~> 3.1)
  rubyzip (~> 1.2, >= 1.2.1)

BUNDLED WITH
   1.16.1
