GEM
  remote: https://rubygems.org/
  specs:
    plist (3.1.0)
    rubyzip (1.3.0)

PLATFORMS
  ruby

DEPENDENCIES
  plist (~> 3.1)
  rubyzip (~> 1.3, >= 1.3.0)

BUNDLED WITH
   1.17.3
